GEM
  remote: http://rubygems.org/
  specs:
    addressable (2.2.6)
    adsf (1.0.1)
      rack (>= 1.0.0)
    builder (3.0.0)
    chunky_png (1.2.0)
    compass (0.11.5)
      chunky_png (~> 1.2)
      fssm (>= 0.2.7)
      sass (~> 3.1)
    compass-susy-plugin (0.9)
      compass (>= 0.11.1)
    cri (2.0.2)
    em-websocket (0.3.1)
      addressable (>= 2.1.1)
      eventmachine (>= 0.12.9)
    eventmachine (0.12.10)
    fssm (0.2.7)
    guard (0.5.1)
      thor (~> 0.14.6)
    guard-bundler (0.1.3)
      bundler (>= 1.0.0)
      guard (>= 0.2.2)
    guard-livereload (0.2.1)
      em-websocket (>= 0.2.0)
      guard (>= 0.4.0)
      json (>= 1.5.1)
    guard-nanoc (0.1.0)
      guard (>= 0.2.1)
      nanoc (>= 3.1.5)
    json (1.5.3)
    nanoc (3.2.1)
      nanoc3 (>= 3.2.1)
    nanoc3 (3.2.1)
      cri (~> 2.0)
    nokogiri (1.5.0)
    rack (1.3.2)
    rb-fsevent (0.4.2)
    rdiscount (1.6.8)
    sass (3.1.7)
    thor (0.14.6)

PLATFORMS
  ruby

DEPENDENCIES
  adsf
  builder
  compass-susy-plugin
  guard
  guard-bundler
  guard-livereload
  guard-nanoc
  nanoc
  nokogiri
  rack
  rb-fsevent
  rdiscount
