GEM
  remote: http://rubygems.org/
  specs:
    adsf (1.0.1)
      rack (>= 1.0.0)
    builder (3.0.0)
    compass (0.10.6)
      haml (>= 3.0.4)
    compass-susy-plugin (0.8.1)
      compass (>= 0.10.0)
    configuration (1.2.0)
    cri (1.0.1)
    guard (0.3.0)
      open_gem (~> 1.4.2)
      thor (~> 0.14.6)
    guard-bundler (0.1.2)
      guard (>= 0.2.2)
    guard-nanoc (0.1.0)
      guard (>= 0.2.1)
      nanoc (>= 3.1.5)
    haml (3.0.25)
    launchy (0.3.7)
      configuration (>= 0.0.5)
      rake (>= 0.8.1)
    nanoc (3.1.6)
      nanoc3 (>= 3.1.6)
    nanoc3 (3.1.6)
      cri (>= 1.0.0)
    nokogiri (1.4.4)
    open_gem (1.4.2)
      launchy (~> 0.3.5)
    rack (1.2.1)
    rake (0.8.7)
    rb-fsevent (0.3.10)
    rdiscount (1.6.8)
    thor (0.14.6)

PLATFORMS
  ruby

DEPENDENCIES
  adsf
  builder
  compass-susy-plugin (~> 0.8.1)
  guard
  guard-bundler
  guard-nanoc
  nanoc (~> 3.1.6)
  nokogiri
  rack
  rb-fsevent
  rdiscount (~> 1.6)
