GEM
  remote: https://rubygems.org/
  specs:
    backports (3.6.7)
    bugsnag (3.0.0)
      json (~> 1.7, >= 1.7.7)
    clamp (1.0.0)
    coderay (1.1.0)
    daemons (1.2.2)
    eventmachine (1.0.7)
    ffi (1.9.8)
    haml (4.0.6)
      tilt
    json (1.8.3)
    kgio (2.9.3)
    kramdown (1.7.0)
    listen (1.3.1)
      rb-fsevent (>= 0.9.3)
      rb-inotify (>= 0.9)
      rb-kqueue (>= 0.2)
    minitest (5.8.4)
    multi_json (1.11.2)
    pith (0.4.0)
      clamp (>= 0.3.0)
      listen (~> 1.2)
      rack (>= 1.2.1)
      rack-livejs (>= 0.2.1)
      thin (>= 1.2.7)
      tilt (~> 1.3)
    rack (1.6.4)
    rack-livejs (0.2.1)
      rack
    rack-protection (1.5.3)
      rack
    rack-test (0.6.3)
      rack (>= 1.0)
    raindrops (0.13.0)
    rake (10.5.0)
    rb-fsevent (0.9.5)
    rb-inotify (0.9.5)
      ffi (>= 0.5.0)
    rb-kqueue (0.2.4)
      ffi (>= 0.5.0)
    sass (3.4.14)
    sinatra (1.4.7)
      rack (~> 1.5)
      rack-protection (~> 1.4)
      tilt (>= 1.3, < 3)
    sinatra-contrib (1.4.6)
      backports (>= 2.0)
      multi_json
      rack-protection
      rack-test
      sinatra (~> 1.4.0)
      tilt (>= 1.3, < 3)
    thin (1.6.3)
      daemons (~> 1.0, >= 1.0.9)
      eventmachine (~> 1.0)
      rack (~> 1.0)
    tilt (1.4.1)
    unicorn (4.9.0)
      kgio (~> 2.6)
      rack
      raindrops (~> 0.7)

PLATFORMS
  ruby

DEPENDENCIES
  bugsnag
  coderay
  haml
  kramdown
  minitest
  pith
  rake
  sass
  sinatra
  sinatra-contrib
  unicorn

BUNDLED WITH
   1.11.2
