GEM
  remote: https://rubygems.org/
  specs:
    bugsnag (6.18.0)
      concurrent-ruby (~> 1.0)
    clamp (1.3.2)
    coderay (1.1.3)
    concurrent-ruby (1.1.7)
    daemons (1.3.1)
    eventmachine (1.2.7)
    ffi (1.14.2)
    haml (5.2.1)
      temple (>= 0.8.0)
      tilt
    kgio (2.11.3)
    kramdown (2.3.0)
      rexml
    listen (3.4.0)
      rb-fsevent (~> 0.10, >= 0.10.3)
      rb-inotify (~> 0.9, >= 0.9.10)
    minitest (5.14.3)
    multi_json (1.15.0)
    mustermann (1.1.1)
      ruby2_keywords (~> 0.0.1)
    pith (0.5.1)
      clamp (>= 1.2.1)
      listen (>= 3.1)
      rack (>= 2.0)
      rack-livejs (>= 0.2.1)
      thin (>= 1.7.0)
      tilt (~> 2.0)
    rack (2.2.3)
    rack-livejs (0.2.1)
      rack
    rack-protection (2.1.0)
      rack
    raindrops (0.19.1)
    rake (13.0.3)
    rb-fsevent (0.10.4)
    rb-inotify (0.10.1)
      ffi (~> 1.0)
    rexml (3.2.4)
    ruby2_keywords (0.0.2)
    sass (3.7.4)
      sass-listen (~> 4.0.0)
    sass-listen (4.0.0)
      rb-fsevent (~> 0.9, >= 0.9.4)
      rb-inotify (~> 0.9, >= 0.9.7)
    sinatra (2.1.0)
      mustermann (~> 1.0)
      rack (~> 2.2)
      rack-protection (= 2.1.0)
      tilt (~> 2.0)
    sinatra-contrib (2.1.0)
      multi_json
      mustermann (~> 1.0)
      rack-protection (= 2.1.0)
      sinatra (= 2.1.0)
      tilt (~> 2.0)
    temple (0.8.2)
    thin (1.8.0)
      daemons (~> 1.0, >= 1.0.9)
      eventmachine (~> 1.0, >= 1.0.4)
      rack (>= 1, < 3)
    tilt (2.0.10)
    unicorn (5.8.0)
      kgio (~> 2.6)
      raindrops (~> 0.7)

PLATFORMS
  ruby
  x86_64-darwin-19

DEPENDENCIES
  bugsnag
  coderay
  haml
  kramdown
  minitest
  pith
  rake
  sass
  sinatra
  sinatra-contrib
  unicorn

BUNDLED WITH
   2.2.1
